GEM
  remote: https://rubygems.org/
  specs:
    addressable (2.3.6)
    json (1.8.1)
    mini_portile (0.6.1)
    nokogiri (1.6.4.1)
      mini_portile (~> 0.6.0)

PLATFORMS
  ruby

DEPENDENCIES
  addressable
  json
  nokogiri
