GEM
  remote: https://rubygems.org/
  specs:
    addressable (2.3.6)
    dropbox-sdk (1.6.4)
      json
    json (1.8.1)
    json-schema (2.4.1)
    mini_portile (0.6.1)
    nokogiri (1.6.4.1)
      mini_portile (~> 0.6.0)
    zipruby (0.3.6)

PLATFORMS
  ruby

DEPENDENCIES
  addressable
  dropbox-sdk
  json
  json-schema
  nokogiri
  zipruby
